GEM
  remote: https://rubygems.org/
  specs:
    mini_portile2 (2.4.0)
    nokogiri (1.10.10)
      mini_portile2 (~> 2.4.0)
    pg (1.1.3)

PLATFORMS
  ruby

DEPENDENCIES
  nokogiri
  pg

BUNDLED WITH
   1.17.2
