GEM
  remote: https://rubygems.org/
  specs:
    mini_portile2 (2.5.1)
    nokogiri (1.11.4)
      mini_portile2 (~> 2.5.0)
      racc (~> 1.4)
    pg (1.1.3)
    racc (1.5.2)

PLATFORMS
  ruby

DEPENDENCIES
  nokogiri
  pg

BUNDLED WITH
   1.17.2
